GEM
  remote: http://rubygems.org/
  specs:
    haml (3.1.2)
    rack (1.3.2)
    rack-test (0.6.1)
      rack (>= 1.0)
    sass (3.1.7)
    sinatra (1.2.6)
      rack (~> 1.1)
      tilt (< 2.0, >= 1.2.2)
    tilt (1.3.3)

PLATFORMS
  ruby

DEPENDENCIES
  haml
  rack-test
  sass
  sinatra
